PATH
  remote: .
  specs:
    awesome (0.0.1)

GEM
  remote: https://rubygems.org/
  specs:
    codecov (0.1.10)
      json
      simplecov
      url
    docile (1.1.5)
    json (2.1.0)
    metaclass (0.0.4)
    mocha (1.2.1)
      metaclass (~> 0.0.1)
    rake (12.0.0)
    simplecov (0.14.1)
      docile (~> 1.1.0)
      json (>= 1.8, < 3)
      simplecov-html (~> 0.10.0)
    simplecov-html (0.10.0)
    url (0.3.2)

PLATFORMS
  ruby

DEPENDENCIES
  awesome!
  codecov
  mocha
  rake
  simplecov

BUNDLED WITH
   1.14.6
